PATH
  remote: .
  specs:
    luno (0.2.11)
      active_attr (~> 0.15.4)
      httparty (~> 0.21.0)
      nokogiri (~> 1.14.0.rc1)

GEM
  remote: https://rubygems.org/
  specs:
    actionpack (7.0.4.1)
      actionview (= 7.0.4.1)
      activesupport (= 7.0.4.1)
      rack (~> 2.0, >= 2.2.0)
      rack-test (>= 0.6.3)
      rails-dom-testing (~> 2.0)
      rails-html-sanitizer (~> 1.0, >= 1.2.0)
    actionview (7.0.4.1)
      activesupport (= 7.0.4.1)
      builder (~> 3.1)
      erubi (~> 1.4)
      rails-dom-testing (~> 2.0)
      rails-html-sanitizer (~> 1.1, >= 1.2.0)
    active_attr (0.15.4)
      actionpack (>= 3.0.2, < 7.1)
      activemodel (>= 3.0.2, < 7.1)
      activesupport (>= 3.0.2, < 7.1)
    activemodel (7.0.4.1)
      activesupport (= 7.0.4.1)
    activesupport (7.0.4.1)
      concurrent-ruby (~> 1.0, >= 1.0.2)
      i18n (>= 1.6, < 2)
      minitest (>= 5.1)
      tzinfo (~> 2.0)
    addressable (2.8.1)
      public_suffix (>= 2.0.2, < 6.0)
    ansi (1.5.0)
    builder (3.2.4)
    coderay (1.1.3)
    concurrent-ruby (1.1.10)
    crack (0.4.5)
      rexml
    crass (1.0.6)
    erubi (1.12.0)
    hashdiff (1.0.1)
    httparty (0.21.0)
      mini_mime (>= 1.0.0)
      multi_xml (>= 0.5.2)
    i18n (1.12.0)
      concurrent-ruby (~> 1.0)
    loofah (2.19.1)
      crass (~> 1.0.2)
      nokogiri (>= 1.5.9)
    method_source (1.0.0)
    mini_mime (1.1.2)
    minitest (5.15.0)
    minitest-focus (1.3.1)
      minitest (>= 4, < 6)
    minitest-reporters (1.5.0)
      ansi
      builder
      minitest (>= 5.0)
      ruby-progressbar
    mocha (1.13.0)
    multi_xml (0.6.0)
    nokogiri (1.14.0-arm64-darwin)
      racc (~> 1.4)
    nokogiri (1.14.0-x86_64-linux)
      racc (~> 1.4)
    pry (0.14.1)
      coderay (~> 1.1)
      method_source (~> 1.0)
    public_suffix (5.0.1)
    racc (1.6.2)
    rack (2.2.6.2)
    rack-test (2.0.2)
      rack (>= 1.3)
    rails-dom-testing (2.0.3)
      activesupport (>= 4.2.0)
      nokogiri (>= 1.6)
    rails-html-sanitizer (1.4.4)
      loofah (~> 2.19, >= 2.19.1)
    rake (13.0.6)
    rexml (3.2.5)
    ruby-progressbar (1.11.0)
    timecop (0.9.6)
    tzinfo (2.0.5)
      concurrent-ruby (~> 1.0)
    webmock (3.14.0)
      addressable (>= 2.8.0)
      crack (>= 0.3.2)
      hashdiff (>= 0.4.0, < 2.0.0)

PLATFORMS
  arm64-darwin-22
  x86_64-linux

DEPENDENCIES
  luno!
  minitest (~> 5.15.0)
  minitest-focus (~> 1.3.1)
  minitest-reporters (~> 1.5.0)
  mocha (~> 1.13.0)
  pry (~> 0.14.1)
  rake (~> 13.0.6)
  timecop (~> 0.9.1)
  webmock (~> 3.14.0)

BUNDLED WITH
   2.4.2
